PATH
  remote: .
  specs:
    who-broke-my-app (0.0.2)
      bundler (~> 1.7)
      faraday

GEM
  remote: https://rubygems.org/
  specs:
    faraday (0.9.1)
      multipart-post (>= 1.2, < 3)
    multipart-post (2.0.0)
    rake (10.4.2)

PLATFORMS
  ruby

DEPENDENCIES
  rake (~> 10.0)
  who-broke-my-app!
